GEM
  remote: http://rubygems.org/
  specs:
    activesupport (3.2.5)
      i18n (~> 0.6)
      multi_json (~> 1.0)
    builder (2.1.2)
    diff-lcs (1.1.3)
    hpricot (0.6.164)
    htmlentities (4.3.0)
    i18n (0.6.0)
    log4r (1.1.9)
    mechanize (0.9.2)
      nokogiri (>= 1.2.1)
    multi_json (1.3.6)
    nokogiri (1.5.0)
    rcov (0.9.10)
    rmagick (2.13.1)
    rspec (2.7.0)
      rspec-core (~> 2.7.0)
      rspec-expectations (~> 2.7.0)
      rspec-mocks (~> 2.7.0)
    rspec-core (2.7.1)
    rspec-expectations (2.7.0)
      diff-lcs (~> 1.1.2)
    rspec-mocks (2.7.0)

PLATFORMS
  ruby

DEPENDENCIES
  activesupport
  builder (= 2.1.2)
  hpricot (= 0.6.164)
  htmlentities
  log4r
  mechanize (= 0.9.2)
  rcov
  rmagick
  rspec
